GEM
  remote: http://rubygems.org/
  specs:
    RedCloth (4.2.3)
    ZenTest (4.3.3)
    abstract (1.0.0)
    actionmailer (2.3.8)
      actionpack (= 2.3.8)
    actionpack (2.3.8)
      activesupport (= 2.3.8)
      rack (~> 1.1.0)
    activerecord (2.3.8)
      activesupport (= 2.3.8)
    activeresource (2.3.8)
      activesupport (= 2.3.8)
    activesupport (2.3.8)
    delayed_job (1.8.4)
    erubis (2.6.6)
      abstract (>= 1.0.0)
    factory_girl (1.3.2)
    haml (2.2.20)
    jrails (0.6.0)
    json_pure (1.4.6)
    memcache-client (1.7.6)
    mysql (2.8.1)
    paperclip (2.3.3)
      activerecord
      activesupport
    rack (1.1.0)
    rails (2.3.8)
      actionmailer (= 2.3.8)
      actionpack (= 2.3.8)
      activerecord (= 2.3.8)
      activeresource (= 2.3.8)
      activesupport (= 2.3.8)
      rake (>= 0.8.3)
    rake (0.8.7)
    rspec (1.3.0)
    rspec-rails (1.3.2)
      rack (>= 1.0.0)
      rspec (>= 1.3.0)
    system_timer (1.0)
    taf2-curb (0.2.8.0)
    will_paginate (2.3.11)

PLATFORMS
  ruby

DEPENDENCIES
  RedCloth (= 4.2.3)
  ZenTest
  delayed_job (= 1.8.4)
  erubis (= 2.6.6)
  factory_girl
  haml (= 2.2.20)
  jrails (= 0.6.0)
  json_pure (= 1.4.6)
  memcache-client (= 1.7.6)
  mysql (= 2.8.1)
  paperclip (= 2.3.3)
  rails (= 2.3.8)
  rspec
  rspec-rails
  system_timer (= 1.0)
  taf2-curb (= 0.2.8.0)
  will_paginate (= 2.3.11)
