GEM
  remote: http://rubygems.org/
  specs:
    RedCloth (4.2.3)
    ZenTest (4.4.0)
    abstract (1.0.0)
    actionmailer (2.3.11)
      actionpack (= 2.3.11)
    actionpack (2.3.11)
      activesupport (= 2.3.11)
      rack (~> 1.1.0)
    activerecord (2.3.11)
      activesupport (= 2.3.11)
    activeresource (2.3.11)
      activesupport (= 2.3.11)
    activesupport (2.3.11)
    addressable (2.2.6)
    autotest-growl (0.2.9)
    aws-s3 (0.6.2)
      builder
      mime-types
      xml-simple
    builder (3.0.0)
    capistrano (2.5.20)
      highline
      highline
      net-scp
      net-scp (>= 1.0.0)
      net-sftp
      net-sftp (>= 2.0.0)
      net-ssh
      net-ssh (>= 2.0.14)
      net-ssh-gateway
      net-ssh-gateway (>= 1.0.0)
    capistrano-ext (1.2.1)
      capistrano (>= 1.0.0)
    chronic (0.3.0)
    columnize (0.3.2)
    cubus-settingslogic (2.2.0)
    delayed_job (1.8.4)
    erubis (2.6.6)
      abstract (>= 1.0.0)
    factory_girl (1.3.2)
    faraday (0.7.4)
      addressable (~> 2.2.6)
      multipart-post (~> 1.1.0)
      rack (>= 1.1.0, < 2)
    haml (2.2.20)
    highline (1.6.1)
    ie_iframe_cookies (0.1.0)
    jrails (0.6.0)
    json_pure (1.4.6)
    koala (1.2.0beta4)
      faraday (~> 0.7.0)
      multi_json (~> 1.0)
    linecache (0.43)
    memcache-client (1.7.6)
    mime-types (1.16)
    multi_json (1.0.3)
    multipart-post (1.1.3)
    mysql (2.8.1)
    net-scp (1.0.4)
      net-ssh (>= 1.99.1)
    net-sftp (2.0.5)
      net-ssh (>= 2.0.9)
    net-ssh (2.0.23)
    net-ssh-gateway (1.0.1)
      net-ssh (>= 1.99.1)
    nokogiri (1.4.3.1)
    paperclip (2.3.6)
      activerecord
      activesupport
    rack (1.1.2)
    rails (2.3.11)
      actionmailer (= 2.3.11)
      actionpack (= 2.3.11)
      activerecord (= 2.3.11)
      activeresource (= 2.3.11)
      activesupport (= 2.3.11)
      rake (>= 0.8.3)
    rake (0.8.7)
    redis (2.1.1)
    rspec (1.3.0)
    rspec-rails (1.3.2)
      rack (>= 1.0.0)
      rspec (>= 1.3.0)
    ruby-debug (0.10.4)
      columnize (>= 0.1)
      ruby-debug-base (~> 0.10.4.0)
    ruby-debug-base (0.10.4)
      linecache (>= 0.3)
    shoulda (2.11.3)
    spork (0.8.4)
    system_timer (1.0)
    taf2-curb (0.2.8.0)
    timecop (0.3.5)
    will_paginate (2.3.14)
    xml-simple (1.1.0)

PLATFORMS
  ruby

DEPENDENCIES
  RedCloth (= 4.2.3)
  ZenTest (= 4.4.0)
  autotest-growl (= 0.2.9)
  aws-s3 (= 0.6.2)
  capistrano (= 2.5.20)
  capistrano-ext (= 1.2.1)
  chronic (= 0.3.0)
  cubus-settingslogic (= 2.2.0)
  delayed_job (= 1.8.4)
  erubis (= 2.6.6)
  factory_girl (= 1.3.2)
  faraday
  haml (= 2.2.20)
  ie_iframe_cookies
  jrails (= 0.6.0)
  json_pure (= 1.4.6)
  koala (= 1.2.0beta4)
  memcache-client (= 1.7.6)
  multi_json
  mysql (= 2.8.1)
  net-scp (= 1.0.4)
  nokogiri (= 1.4.3.1)
  paperclip (= 2.3.6)
  rails (= 2.3.11)
  rake (= 0.8.7)
  redis (= 2.1.1)
  rspec (= 1.3.0)
  rspec-rails (= 1.3.2)
  ruby-debug
  shoulda (= 2.11.3)
  spork
  system_timer (= 1.0)
  taf2-curb (= 0.2.8.0)
  timecop (= 0.3.5)
  will_paginate (= 2.3.14)
